GEM
  remote: https://rubygems.org/
  specs:
    colorputs (0.2.3)

PLATFORMS
  x86_64-darwin-21

DEPENDENCIES
  colorputs

BUNDLED WITH
   2.2.22
